GEM
  remote: https://rubygems.org/
  specs:
    haml (6.3.0)
      temple (>= 0.8.2)
      thor
      tilt
    logger (1.7.0)
    prettier_print (1.2.1)
    rbs (3.9.4)
      logger
    syntax_tree (6.3.0)
      prettier_print (>= 1.2.0)
    syntax_tree-haml (4.0.3)
      haml (>= 5.2)
      prettier_print (>= 1.2.1)
      syntax_tree (>= 6.0.0)
    syntax_tree-rbs (1.0.0)
      prettier_print
      rbs
      syntax_tree (>= 2.0.1)
    temple (0.10.3)
    thor (1.3.2)
    tilt (2.6.1)

PLATFORMS
  ruby
  x86_64-linux

DEPENDENCIES
  prettier_print
  syntax_tree
  syntax_tree-haml
  syntax_tree-rbs

RUBY VERSION
   ruby 3.4.5p51

BUNDLED WITH
   2.6.9
